GIT
  remote: https://github.com/hannesg/json_like.git
  revision: 9a84d89dfc7a4bc7f50e2a0bd2581084284749d5
  specs:
    json_like (0.0.1)
      multi_json
      parslet

PATH
  remote: .
  specs:
    racktables_api (0.0.1)
      addressive
      ipaddress
      multi_json
      net-ldap (< 0.9.0)
      rack
      sass
      sequel
      sinatra
      slim

GEM
  remote: https://rubygems.org/
  specs:
    addressive (0.1.0)
      uri_template (>= 0.5.1)
    blankslate (3.1.3)
    builder (3.2.2)
    coveralls (0.8.13)
      json (~> 1.8)
      simplecov (~> 0.11.0)
      term-ansicolor (~> 1.3)
      thor (~> 0.19.1)
      tins (~> 1.6.0)
    cucumber (2.4.0)
      builder (>= 2.1.2)
      cucumber-core (~> 1.5.0)
      cucumber-wire (~> 0.0.1)
      diff-lcs (>= 1.1.3)
      gherkin (~> 4.0)
      multi_json (>= 1.7.5, < 2.0)
      multi_test (>= 0.1.2)
    cucumber-core (1.5.0)
      gherkin (~> 4.0)
    cucumber-wire (0.0.1)
    diff-lcs (1.2.5)
    docile (1.1.5)
    gherkin (4.0.0)
    ipaddress (0.8.3)
    json (1.8.3)
    multi_json (1.12.1)
    multi_test (0.1.2)
    mysql (2.9.1)
    mysql2 (0.4.4)
    net-ldap (0.8.0)
    parslet (1.7.1)
      blankslate (>= 2.0, <= 4.0)
    rack (1.6.4)
    rack-protection (1.5.3)
      rack
    rake (11.2.2)
    rspec (2.99.0)
      rspec-core (~> 2.99.0)
      rspec-expectations (~> 2.99.0)
      rspec-mocks (~> 2.99.0)
    rspec-core (2.99.2)
    rspec-expectations (2.99.2)
      diff-lcs (>= 1.1.3, < 2.0)
    rspec-mocks (2.99.4)
    sass (3.4.22)
    sequel (4.35.0)
    shotgun (0.9.1)
      rack (>= 1.0)
    simplecov (0.11.2)
      docile (~> 1.1.0)
      json (~> 1.8)
      simplecov-html (~> 0.10.0)
    simplecov-html (0.10.0)
    sinatra (1.4.7)
      rack (~> 1.5)
      rack-protection (~> 1.4)
      tilt (>= 1.3, < 3)
    slim (3.0.7)
      temple (~> 0.7.6)
      tilt (>= 1.3.3, < 2.1)
    temple (0.7.7)
    term-ansicolor (1.3.2)
      tins (~> 1.0)
    thor (0.19.1)
    tilt (2.0.5)
    tins (1.6.0)
    uri_template (0.7.0)

PLATFORMS
  ruby

DEPENDENCIES
  coveralls
  cucumber
  json_like!
  mysql
  mysql2
  racktables_api!
  rake
  rspec (< 3.0)
  shotgun
  simplecov
  sinatra (> 1.0)

BUNDLED WITH
   1.11.2
